GEM
  remote: https://rubygems.org/
  specs:
    ffi (1.15.5)
    paint (2.3.0)

PLATFORMS
  x86_64-linux

DEPENDENCIES
  ffi
  paint

BUNDLED WITH
   2.4.2
