GEM
  remote: https://rubygems.org/
  specs:
    ffi (1.15.5)
    paint (2.3.0)
    pycall (1.4.2)
    rake (13.0.6)
    rjb (1.7.3)
    ruby-llvm (15.0.3)
      ffi (~> 1.13)
      rake (>= 12, < 14)

PLATFORMS
  x86_64-linux

DEPENDENCIES
  ffi
  paint
  pycall
  rake
  rjb
  ruby-llvm

RUBY VERSION
   ruby 2.7.8p225

BUNDLED WITH
   2.4.2
