GEM
  remote: https://rubygems.org/
  specs:
    ffi (1.15.5)
    glib2 (4.3.3)
      native-package-installer (>= 1.0.3)
      pkg-config (>= 1.3.5)
    gobject-introspection (4.3.3)
      glib2 (= 4.3.3)
    native-package-installer (1.1.9)
    pkg-config (1.6.4)
    pycall (1.4.2)
    rainbow (3.1.1)
    rake (13.0.6)
    rjb (1.7.3)
    ruby-llvm (17.0.0)
      ffi (~> 1.13)
      rake (>= 12, < 14)

PLATFORMS
  x86_64-linux

DEPENDENCIES
  ffi
  gobject-introspection (~> 4.2)
  pycall
  rainbow
  rake
  rjb
  ruby-llvm (~> 17)

RUBY VERSION
   ruby 2.7.8p225

BUNDLED WITH
   2.4.2
