GEM
  remote: https://rubygems.org/
  specs:
    ffi (1.15.5)
    pycall (1.4.2)
    rainbow (3.1.1)
    rake (13.0.6)
    rjb (1.7.3)
    ruby-llvm (17.0.0)
      ffi (~> 1.13)
      rake (>= 12, < 14)

PLATFORMS
  x86_64-linux

DEPENDENCIES
  ffi
  pycall
  rainbow
  rake
  rjb
  ruby-llvm (~> 17)

RUBY VERSION
   ruby 2.7.8p225

BUNDLED WITH
   2.4.2
